PATH
  remote: .
  specs:
    irbrc (0.0.2)

GEM
  remote: https://rubygems.org/
  specs:
    minitest (5.14.0)
    rake (13.0.1)

PLATFORMS
  ruby

DEPENDENCIES
  irbrc!
  minitest
  rake

BUNDLED WITH
   1.17.1
