PATH
  remote: .
  specs:
    irbrc (0.0.2)

GEM
  remote: https://rubygems.org/
  specs:
    minitest (5.10.3)
    rake (10.5.0)

PLATFORMS
  ruby

DEPENDENCIES
  irbrc!
  minitest (~> 5)
  rake (~> 10)

BUNDLED WITH
   1.15.4
