PATH
  remote: .
  specs:
    irbrc (0.0.1)
      highline

GEM
  remote: https://rubygems.org/
  specs:
    highline (1.7.10)
    minitest (5.10.3)
    rake (10.5.0)

PLATFORMS
  ruby

DEPENDENCIES
  irbrc!
  minitest (~> 5)
  rake (~> 10)

BUNDLED WITH
   1.15.4
